PATH
  remote: .
  specs:
    acts_as_voodoo (0.1.0)
      activeresource (~> 4.0.0.beta1)

GEM
  remote: https://rubygems.org/
  specs:
    actionpack (4.0.0.beta1)
      activesupport (= 4.0.0.beta1)
      builder (~> 3.1.0)
      erubis (~> 2.7.0)
      rack (~> 1.5.2)
      rack-test (~> 0.6.2)
    activemodel (4.0.0.beta1)
      activesupport (= 4.0.0.beta1)
      builder (~> 3.1.0)
    activeresource (4.0.0.beta1)
      activemodel (>= 4.0.0.beta1)
      activesupport (>= 4.0.0.beta1)
      rails-observers (~> 0.1.1)
    activesupport (4.0.0.beta1)
      i18n (~> 0.6.2)
      minitest (~> 4.2)
      multi_json (~> 1.3)
      thread_safe (~> 0.1)
      tzinfo (~> 0.3.33)
    atomic (1.0.2)
    builder (3.1.4)
    erubis (2.7.0)
    i18n (0.6.4)
    json (1.7.7)
    minitest (4.7.0)
    multi_json (1.7.2)
    rack (1.5.2)
    rack-test (0.6.2)
      rack (>= 1.0)
    rails-observers (0.1.1)
      railties (~> 4.0.0.beta)
    railties (4.0.0.beta1)
      actionpack (= 4.0.0.beta1)
      activesupport (= 4.0.0.beta1)
      rake (>= 0.8.7)
      rdoc (~> 3.4)
      thor (>= 0.17.0, < 2.0)
    rake (10.0.4)
    rdoc (3.12.2)
      json (~> 1.4)
    thor (0.18.1)
    thread_safe (0.1.0)
      atomic
    tzinfo (0.3.37)

PLATFORMS
  ruby

DEPENDENCIES
  activeresource (= 4.0.0.beta1)
  acts_as_voodoo!
